GEM
  remote: http://rubygems.org/
  specs:
    actionmailer (2.3.14)
      actionpack (= 2.3.14)
    actionpack (2.3.14)
      activesupport (= 2.3.14)
      rack (~> 1.1.0)
    activerecord (2.3.14)
      activesupport (= 2.3.14)
    activeresource (2.3.14)
      activesupport (= 2.3.14)
    activesupport (2.3.14)
    authlogic (2.1.6)
      activesupport
    builder (3.0.0)
    hoptoad_notifier (2.4.11)
      activesupport
      builder
    pg (0.13.2)
    rack (1.1.3)
    rails (2.3.14)
      actionmailer (= 2.3.14)
      actionpack (= 2.3.14)
      activerecord (= 2.3.14)
      activeresource (= 2.3.14)
      activesupport (= 2.3.14)
      rake (>= 0.8.3)
    rake (0.9.2.2)
    sqlite3-ruby (1.2.5)

PLATFORMS
  ruby

DEPENDENCIES
  authlogic (= 2.1.6)
  hoptoad_notifier (= 2.4.11)
  pg
  rails (= 2.3.14)
  sqlite3-ruby (= 1.2.5)
